GEM
  remote: http://rubygems.org/
  specs:
    archive-tar-minitar (0.5.2)
    asunit4 (4.2.2.pre)
    capistrano (2.5.21)
      highline
      net-scp (>= 1.0.0)
      net-sftp (>= 2.0.0)
      net-ssh (>= 2.0.14)
      net-ssh-gateway (>= 1.0.0)
    flashsdk (1.0.23.pre)
      sprout (>= 1.1.8.pre)
    highline (1.6.1)
    net-scp (1.0.4)
      net-ssh (>= 1.99.1)
    net-sftp (2.0.5)
      net-ssh (>= 2.0.9)
    net-ssh (2.1.4)
    net-ssh-gateway (1.0.1)
      net-ssh (>= 1.99.1)
    open4 (1.0.1)
    rake (0.8.7)
    rubyzip (0.9.4)
    sprout (1.1.10.pre)
      archive-tar-minitar (= 0.5.2)
      bundler (>= 0.9.19)
      open4 (>= 0.9.6)
      rake (>= 0.8.7)
      rubyzip (= 0.9.4)
    thor (0.14.6)

PLATFORMS
  ruby

DEPENDENCIES
  asunit4 (>= 4.2.2.pre)
  capistrano
  flashsdk (>= 1.0.0.pre)
  thor
